GIT
  remote: git://github.com/rack/rack.git
  revision: 9073125f71afd615091f575d74ec468a0b1b79bf
  specs:
    rack (2.0.0.rc1)
      json

PATH
  remote: .
  specs:
    tynn (2.0.0.alpha)
      rack (~> 2.0.0.alpha)
      syro (~> 2.1.1)

GEM
  remote: https://rubygems.org/
  specs:
    ast (2.2.0)
    erubis (2.7.0)
    json (1.8.3)
    minitest (5.8.4)
    minitest-sugar (2.1.2)
      minitest (~> 5.0)
    parser (2.3.1.0)
      ast (~> 2.2)
    powerpack (0.1.1)
    rainbow (2.1.0)
    rake (11.1.2)
    rdoc (4.2.2)
      json (~> 1.4)
    rubocop (0.39.0)
      parser (>= 2.3.0.7, < 3.0)
      powerpack (~> 0.1)
      rainbow (>= 1.99.1, < 3.0)
      ruby-progressbar (~> 1.7)
      unicode-display_width (~> 1.0, >= 1.0.1)
    ruby-progressbar (1.8.0)
    seg (0.1.0)
    syro (2.1.1)
      rack (>= 1.6.0, < 2.0.0)
      seg
    tilt (2.0.2)
    unicode-display_width (1.0.5)

PLATFORMS
  ruby

DEPENDENCIES
  erubis (~> 2.7)
  minitest (~> 5.8)
  minitest-sugar (~> 2.1)
  rack!
  rake (~> 11.0)
  rdoc (~> 4.2.2)
  rubocop (~> 0.39)
  tilt (~> 2.0)
  tynn!

BUNDLED WITH
   1.12.0
